GEM
  remote: http://rubygems.org/
  specs:
    equalizer (0.0.11)
    rack (1.6.1)
    rack-protection (1.5.3)
      rack
    rom (0.7.1)
      equalizer (~> 0.0, >= 0.0.9)
      transproc (~> 0.2, >= 0.2.2)
    rom-sql (0.5.1)
      equalizer (~> 0.0, >= 0.0.9)
      rom (~> 0.7, >= 0.7.0)
      sequel (~> 4.18)
    sequel (4.22.0)
    sinatra (1.4.6)
      rack (~> 1.4)
      rack-protection (~> 1.4)
      tilt (>= 1.3, < 3)
    tilt (2.0.1)
    transproc (0.2.2)

PLATFORMS
  ruby

DEPENDENCIES
  rom-sql
  sinatra
